GEM
  specs:
    bcrypt (3.1.20)

PLATFORMS
  arm64-darwin-24
  ruby

DEPENDENCIES
  bcrypt (~> 3.1, >= 3.1.12)

BUNDLED WITH
   2.6.2
